GEM
  remote: http://rubygems.org/
  specs:
    POpen4 (0.1.4)
      Platform (>= 0.4.0)
      open4
    Platform (0.4.0)
    capistrano (2.15.6)
      highline
      net-scp (>= 1.0.0)
      net-sftp (>= 2.0.0)
      net-ssh (>= 2.0.14)
      net-ssh-gateway (>= 1.1.0)
    chunky_png (1.3.5)
    coderay (1.1.0)
    coffee-script (2.2.0)
      coffee-script-source
      execjs
    coffee-script-source (1.9.1.1)
    compass (0.12.7)
      chunky_png (~> 1.2)
      fssm (>= 0.2.7)
      sass (~> 3.2.19)
    execjs (2.6.0)
    figs (2.0.0)
      git (~> 1.2.6)
    fssm (0.2.10)
    git (1.2.9.1)
    highline (1.7.8)
    hike (1.2.3)
    libv8 (3.16.14.13)
    method_source (0.8.2)
    microservice_precompiler (0.1.5)
      coffee-script (~> 2.2.0)
      compass (~> 0.12.1)
      mustache (~> 0.99.4)
      rake (~> 10.0.2)
      sprockets (~> 2.8.2)
      uglifier (~> 1.3.0)
      yui-compressor (~> 0.9.6)
    multi_json (1.11.2)
    mustache (0.99.8)
    net-scp (1.2.1)
      net-ssh (>= 2.6.5)
    net-sftp (2.1.2)
      net-ssh (>= 2.6.5)
    net-ssh (3.0.1)
    net-ssh-gateway (1.2.0)
      net-ssh (>= 2.6.5)
    open4 (1.3.4)
    pry (0.10.3)
      coderay (~> 1.1.0)
      method_source (~> 0.8.1)
      slop (~> 3.4)
    rack (1.6.4)
    railsless-deploy (1.1.3)
    rake (10.0.4)
    ref (2.0.0)
    rvm-capistrano (1.5.6)
      capistrano (~> 2.15.4)
    sass (3.2.19)
    slop (3.6.0)
    sprockets (2.8.3)
      hike (~> 1.2)
      multi_json (~> 1.0)
      rack (~> 1.0)
      tilt (~> 1.1, != 1.3.0)
    therubyracer (0.12.2)
      libv8 (~> 3.16.14.0)
      ref
    tilt (1.4.1)
    uglifier (1.3.0)
      execjs (>= 0.3.0)
      multi_json (~> 1.0, >= 1.0.2)
    yui-compressor (0.9.6)
      POpen4 (>= 0.1.4)

PLATFORMS
  ruby

DEPENDENCIES
  capistrano (~> 2.15.0)
  figs (~> 2.0.0)
  microservice_precompiler (~> 0.1.0)
  pry
  railsless-deploy (~> 1.1.0)
  rvm-capistrano (~> 1.5.0)
  therubyracer (~> 0.12.0)
