GEM
  remote: http://rubygems.org/
  specs:
    chunky_png (1.3.8)
    coffee-script (2.4.1)
      coffee-script-source
      execjs
    coffee-script-source (1.12.2)
    compass (1.0.3)
      chunky_png (~> 1.2)
      compass-core (~> 1.0.2)
      compass-import-once (~> 1.0.5)
      rb-fsevent (>= 0.9.3)
      rb-inotify (>= 0.9)
      sass (>= 3.3.13, < 3.5)
    compass-blueprint (1.0.0)
      compass
    compass-core (1.0.3)
      multi_json (~> 1.0)
      sass (>= 3.3.0, < 3.5)
    compass-import-once (1.0.5)
      sass (>= 3.2, < 3.5)
    execjs (2.7.0)
    ffi (1.9.17)
    json (2.0.3)
    microservice_precompiler (1.0.4)
      coffee-script (~> 2.4, >= 2.4.0)
      compass (~> 1.0, >= 1.0.0)
      mustache (>= 0.99.4)
      sprockets (>= 3.0.0, <= 3.3.4)
      uglifier (~> 2.7, >= 2.7.1)
      yui-compressor (~> 0.12, >= 0.12.0)
    multi_json (1.12.1)
    mustache (1.0.3)
    rack (1.6.5)
    rb-fsevent (0.9.8)
    rb-inotify (0.9.8)
      ffi (>= 0.5.0)
    sass (3.4.23)
    sprockets (3.3.4)
      rack (~> 1.0)
    uglifier (2.7.2)
      execjs (>= 0.3.0)
      json (>= 1.8.0)
    yui-compressor (0.12.0)

PLATFORMS
  ruby

DEPENDENCIES
  compass-blueprint (~> 1.0.0)
  microservice_precompiler (~> 1.0.0)

BUNDLED WITH
   2.0.1
