GEM
  remote: http://rubygems.org/
  specs:
    POpen4 (0.1.4)
      Platform (>= 0.4.0)
      open4
    Platform (0.4.0)
    capistrano (2.12.0)
      highline
      net-scp (>= 1.0.0)
      net-sftp (>= 2.0.0)
      net-ssh (>= 2.0.14)
      net-ssh-gateway (>= 1.1.0)
    capistrano-ext (1.2.1)
      capistrano (>= 1.0.0)
    chunky_png (1.2.5)
    coffee-script (2.2.0)
      coffee-script-source
      execjs
    coffee-script-source (1.3.3)
    compass (0.12.1)
      chunky_png (~> 1.2)
      fssm (>= 0.2.7)
      sass (~> 3.1)
    execjs (1.4.0)
      multi_json (~> 1.0)
    fssm (0.2.9)
    highline (1.6.11)
    hike (1.2.1)
    microservice_precompiler (0.1.0)
      coffee-script (~> 2.2.0)
      compass (~> 0.12.1)
      mustache (~> 0.99.4)
      sprockets (~> 2.4.0)
      uglifier (~> 1.2.4)
      yui-compressor (~> 0.9.6)
    multi_json (1.3.6)
    mustache (0.99.4)
    net-scp (1.0.4)
      net-ssh (>= 1.99.1)
    net-sftp (2.0.5)
      net-ssh (>= 2.0.9)
    net-ssh (2.3.0)
    net-ssh-gateway (1.1.0)
      net-ssh (>= 1.99.1)
    open4 (1.3.0)
    rack (1.4.1)
    railsless-deploy (1.0.2)
    sass (3.1.19)
    sprockets (2.4.3)
      hike (~> 1.2)
      multi_json (~> 1.0)
      rack (~> 1.0)
      tilt (~> 1.1, != 1.3.0)
    tilt (1.3.3)
    uglifier (1.2.5)
      execjs (>= 0.3.0)
      multi_json (~> 1.3)
    yui-compressor (0.9.6)
      POpen4 (>= 0.1.4)

PLATFORMS
  ruby

DEPENDENCIES
  capistrano (~> 2.12.0)
  capistrano-ext (~> 1.2.1)
  microservice_precompiler
  railsless-deploy (~> 1.0.2)
