GEM
  remote: http://rubygems.org/
  specs:
    capistrano (2.15.6)
      highline
      net-scp (>= 1.0.0)
      net-sftp (>= 2.0.0)
      net-ssh (>= 2.0.14)
      net-ssh-gateway (>= 1.1.0)
    chunky_png (1.3.8)
    coderay (1.1.0)
    coffee-script (2.4.1)
      coffee-script-source
      execjs
    coffee-script-source (1.12.2)
    compass (1.0.3)
      chunky_png (~> 1.2)
      compass-core (~> 1.0.2)
      compass-import-once (~> 1.0.5)
      rb-fsevent (>= 0.9.3)
      rb-inotify (>= 0.9)
      sass (>= 3.3.13, < 3.5)
    compass-blueprint (1.0.0)
      compass
    compass-core (1.0.3)
      multi_json (~> 1.0)
      sass (>= 3.3.0, < 3.5)
    compass-import-once (1.0.5)
      sass (>= 3.2, < 3.5)
    execjs (2.7.0)
    ffi (1.9.17)
    figs (2.0.3)
      git (~> 1.2.6)
      rake (~> 10.1)
    git (1.2.9.1)
    highline (1.7.8)
    json (2.0.3)
    libv8 (3.16.14.13)
    method_source (0.8.2)
    microservice_precompiler (1.0.4)
      coffee-script (~> 2.4, >= 2.4.0)
      compass (~> 1.0, >= 1.0.0)
      mustache (>= 0.99.4)
      sprockets (>= 3.0.0, <= 3.3.4)
      uglifier (~> 2.7, >= 2.7.1)
      yui-compressor (~> 0.12, >= 0.12.0)
    multi_json (1.12.1)
    mustache (1.0.3)
    net-scp (1.2.1)
      net-ssh (>= 2.6.5)
    net-sftp (2.1.2)
      net-ssh (>= 2.6.5)
    net-ssh (3.0.1)
    net-ssh-gateway (1.2.0)
      net-ssh (>= 2.6.5)
    pry (0.10.3)
      coderay (~> 1.1.0)
      method_source (~> 0.8.1)
      slop (~> 3.4)
    rack (1.6.5)
    railsless-deploy (1.1.3)
    rake (10.4.2)
    rb-fsevent (0.9.8)
    rb-inotify (0.9.8)
      ffi (>= 0.5.0)
    ref (2.0.0)
    rvm-capistrano (1.5.6)
      capistrano (~> 2.15.4)
    sass (3.4.23)
    slop (3.6.0)
    sprockets (3.3.4)
      rack (~> 1.0)
    therubyracer (0.12.2)
      libv8 (~> 3.16.14.0)
      ref
    uglifier (2.7.2)
      execjs (>= 0.3.0)
      json (>= 1.8.0)
    yui-compressor (0.12.0)

PLATFORMS
  ruby

DEPENDENCIES
  capistrano (~> 2.15.0)
  compass-blueprint (~> 1.0.0)
  figs (~> 2.0.3)
  microservice_precompiler (~> 1.0.0)
  pry
  railsless-deploy (~> 1.1.0)
  rvm-capistrano (~> 1.5.0)
  therubyracer (~> 0.12.0)

BUNDLED WITH
   1.12.5
